GEM
  remote: http://rubygems.org/
  specs:
    activesupport (3.2.3)
      i18n (~> 0.6)
      multi_json (~> 1.0)
    bouncy-castle-java (1.5.0146.1)
    faraday (0.8.0)
      multipart-post (~> 1.1)
    fpm (0.3.7)
      json
    i18n (0.6.0)
    jruby-jars (1.6.7)
    jruby-openssl (0.7.6.1)
      bouncy-castle-java (>= 1.5.0146.1)
    jruby-rack (1.1.5)
    json (1.7.0)
    json (1.7.0-java)
    multi_json (1.3.4)
    multipart-post (1.1.5)
    rack (1.4.1)
    rack-protection (1.2.0)
      rack
    rake (0.9.2.2)
    rubyzip (0.9.8)
    simple_oauth (0.1.8)
    sinatra (1.3.2)
      rack (~> 1.3, >= 1.3.6)
      rack-protection (~> 1.2)
      tilt (~> 1.3, >= 1.3.3)
    tilt (1.3.3)
    twitter (2.2.9)
      activesupport (>= 2.3.9, < 4)
      faraday (~> 0.8)
      multi_json (~> 1.3)
      simple_oauth (~> 0.1.6)
    warbler (1.3.4)
      jruby-jars (>= 1.4.0)
      jruby-rack (>= 1.0.0)
      rake (>= 0.8.7)
      rubyzip (>= 0.9.4)

PLATFORMS
  java
  ruby

DEPENDENCIES
  fpm (= 0.3.7)
  jruby-jars (= 1.6.7)
  jruby-openssl
  rake
  sinatra
  twitter
  warbler (= 1.3.4)
