GEM
  remote: http://rubygems.org/
  specs:
    jruby-jars (1.6.7)
    jruby-rack (1.1.5)
    rack (1.4.1)
    rake (0.9.2.2)
    rubyzip (0.9.7)
    trinidad (1.3.5)
      jruby-rack (>= 1.1.5)
      trinidad_jars (>= 1.0.2)
    trinidad_jars (1.0.3)
    warbler (1.3.5)
      jruby-jars (>= 1.4.0)
      jruby-rack (>= 1.0.0)
      rake (>= 0.8.7)
      rubyzip (>= 0.9.4)

PLATFORMS
  java

DEPENDENCIES
  rack
  trinidad
  warbler
