GEM
  remote: http://rubygems.org/
  specs:
    arr-pm (0.0.7)
      cabin (> 0)
    backports (2.3.0)
    cabin (0.4.4)
      json
    clamp (0.3.1)
    fpm (0.4.6)
      arr-pm (~> 0.0.7)
      backports (= 2.3.0)
      cabin (~> 0.4.3)
      clamp
      json
    jruby-jars (1.6.7)
    jruby-rack (1.1.5)
    json (1.6.6-java)
    rack (1.4.1)
    rake (0.9.2.2)
    rubyzip (0.9.7)
    trinidad (1.3.5)
      jruby-rack (>= 1.1.5)
      trinidad_jars (>= 1.0.2)
    trinidad_jars (1.0.3)
    warbler (1.3.5)
      jruby-jars (>= 1.4.0)
      jruby-rack (>= 1.0.0)
      rake (>= 0.8.7)
      rubyzip (>= 0.9.4)

PLATFORMS
  java

DEPENDENCIES
  fpm
  rack
  rake
  trinidad
  warbler
