GEM
  remote: http://rubygems.org/
  specs:
    fpm (0.3.7)
      json
    jruby-jars (1.6.7)
    jruby-rack (1.1.5)
    json (1.7.0-java)
    rack (1.4.1)
    rack-protection (1.2.0)
      rack
    rake (0.9.2.2)
    rubyzip (0.9.8)
    sinatra (1.3.2)
      rack (~> 1.3, >= 1.3.6)
      rack-protection (~> 1.2)
      tilt (~> 1.3, >= 1.3.3)
    tilt (1.3.3)
    warbler (1.3.4)
      jruby-jars (>= 1.4.0)
      jruby-rack (>= 1.0.0)
      rake (>= 0.8.7)
      rubyzip (>= 0.9.4)

PLATFORMS
  java

DEPENDENCIES
  fpm (= 0.3.7)
  jruby-jars (= 1.6.7)
  rake
  sinatra
  warbler (= 1.3.4)
